GEM
  remote: https://rubygems.org/
  remote: https://wallarm.jfrog.io/wallarm/api/gems/gems/
  specs:
    atomic (1.1.101)
    avl_tree (1.2.1)
      atomic (~> 1.1)
    concurrent-ruby (1.1.4)
    cool.io (1.5.3)
    daemons (1.3.1)
    diff-lcs (1.3)
    dig_rb (1.0.1)
    digest-crc (0.4.1)
    dogstatsd-ruby (4.0.0)
    dry-configurable (0.7.0)
      concurrent-ruby (~> 1.0)
    dry-container (0.6.0)
      concurrent-ruby (~> 1.0)
      dry-configurable (~> 0.1, >= 0.1.3)
    dry-core (0.4.7)
      concurrent-ruby (~> 1.0)
    dry-equalizer (0.2.1)
    dry-logic (0.4.2)
      dry-container (~> 0.2, >= 0.2.6)
      dry-core (~> 0.2)
      dry-equalizer (~> 0.2)
    dry-types (0.10.3)
      concurrent-ruby (~> 1.0)
      dry-configurable (~> 0.1)
      dry-container (~> 0.3)
      dry-core (~> 0.2, >= 0.2.1)
      dry-equalizer (~> 0.2)
      dry-logic (~> 0.4, >= 0.4.0)
      inflecto (~> 0.0.0, >= 0.0.2)
    dry-validation (0.10.7)
      concurrent-ruby (~> 1.0)
      dry-configurable (~> 0.1, >= 0.1.3)
      dry-core (~> 0.2, >= 0.2.1)
      dry-equalizer (~> 0.2)
      dry-logic (~> 0.4, >= 0.4.0)
      dry-types (~> 0.9, >= 0.9.0)
    elasticsearch (6.1.0)
      elasticsearch-api (= 6.1.0)
      elasticsearch-transport (= 6.1.0)
    elasticsearch-api (6.1.0)
      multi_json
    elasticsearch-transport (6.1.0)
      faraday
      multi_json
    etcd (0.3.0)
      mixlib-log
    eventmachine (1.2.7)
    faraday (0.15.4)
      multipart-post (>= 1.2, < 3)
    fast_dsl (0.4.2)
      dry-validation
      rkelly-remix
      ruby-gumbo
    fluent-config-regexp-type (1.0.0)
      fluentd (> 1.0.0, < 2)
    fluent-plugin-rewrite-tag-filter (2.1.1)
      fluent-config-regexp-type
      fluentd (>= 0.14.2, < 2)
    fluentd (1.3.3)
      cool.io (>= 1.4.5, < 2.0.0)
      dig_rb (~> 1.0.0)
      http_parser.rb (>= 0.5.1, < 0.7.0)
      msgpack (>= 0.7.0, < 2.0.0)
      serverengine (>= 2.0.4, < 3.0.0)
      sigdump (~> 0.2.2)
      strptime (>= 0.2.2, < 1.0.0)
      tzinfo (~> 1.0)
      tzinfo-data (~> 1.0)
      yajl-ruby (~> 1.0)
    hashie (3.6.0)
    hitimes (1.3.0)
    http_parser.rb (0.6.0)
    inflecto (0.0.2)
    kmeans-clusterer (0.11.4)
      narray (~> 0.6)
    libv8 (3.16.14.19)
    liquid (3.0.6)
    log_streamer (0.2.0)
      elasticsearch
      redis
    metriks (0.9.9.8)
      atomic (~> 1.0)
      avl_tree (~> 1.2.0)
      hitimes (~> 1.1)
    mixlib-log (1.7.1)
    msgpack (1.2.6)
    multi_json (1.13.1)
    multipart-post (2.0.0)
    narray (0.6.1.2)
    net-http-rest_client (0.1.0)
    qless (0.10.5)
      metriks (~> 0.9)
      redis (>= 2.2, < 4.0.0.rc1)
      rusage (~> 0.2.0)
      sentry-raven (~> 0.4)
      sinatra (~> 1.3)
      statsd-ruby (~> 1.3)
      thin (~> 1.6.4)
      thor (~> 0.19.1)
      vegas (~> 0.1.11)
    rack (1.6.11)
    rack-protection (1.5.5)
      rack
    redis (3.3.3)
    ref (2.0.0)
    rkelly-fixed (1.0.7)
    rkelly-remix (0.0.7)
    rps_limit (0.5.1)
      etcd
    rspec (3.8.0)
      rspec-core (~> 3.8.0)
      rspec-expectations (~> 3.8.0)
      rspec-mocks (~> 3.8.0)
    rspec-core (3.8.0)
      rspec-support (~> 3.8.0)
    rspec-expectations (3.8.2)
      diff-lcs (>= 1.2.0, < 2.0)
      rspec-support (~> 3.8.0)
    rspec-mocks (3.8.0)
      diff-lcs (>= 1.2.0, < 2.0)
      rspec-support (~> 3.8.0)
    rspec-support (3.8.0)
    ruby-gumbo (1.1.0)
    rusage (0.2.0)
    scanner_extensions (0.14.2)
      digest-crc
      kmeans-clusterer
      net-http-rest_client
      rkelly-fixed
      ruby-gumbo
      therubyracer
      vuln_templates (= 3.47.3)
    sentry-raven (0.15.6)
      faraday (>= 0.7.6)
    serverengine (2.1.0)
      sigdump (~> 0.2.2)
    sigdump (0.2.4)
    sinatra (1.4.8)
      rack (~> 1.5)
      rack-protection (~> 1.4)
      tilt (>= 1.3, < 3)
    statsd-ruby (1.4.0)
    strptime (0.2.3)
    therubyracer (0.12.3)
      libv8 (~> 3.16.14.15)
      ref
    thin (1.6.4)
      daemons (~> 1.0, >= 1.0.9)
      eventmachine (~> 1.0, >= 1.0.4)
      rack (~> 1.0)
    thor (0.19.4)
    thread_safe (0.3.6)
    tilt (2.0.9)
    tzinfo (1.2.5)
      thread_safe (~> 0.1)
    tzinfo-data (1.2018.9)
      tzinfo (>= 1.0.0)
    vegas (0.1.11)
      rack (>= 1.0.0)
    vuln_templates (3.47.3)
    wallarm_logger (1.1.1)
    yajl-ruby (1.4.1)

PLATFORMS
  ruby

DEPENDENCIES
  digest-crc
  dogstatsd-ruby
  dry-types (~> 0.10.3)
  fast_dsl (= 0.4.2)!
  fluent-plugin-rewrite-tag-filter
  fluentd
  hashie
  liquid (= 3.0.6)
  log_streamer (= 0.2.0)!
  mixlib-log (= 1.7.1)
  net-http-rest_client
  qless (= 0.10.5)
  redis (= 3.3.3)
  rps_limit (= 0.5.1)!
  rspec
  ruby-gumbo
  scanner_extensions (= 0.14.2)!
  therubyracer
  vuln_templates (= 3.47.3)!
  wallarm_logger (= 1.1.1)!

BUNDLED WITH
   1.17.1
